GEM
  remote: http://rubygems.org/
  specs:
    bson (1.4.1)
    bson_ext (1.3.1)
    diff-lcs (1.1.3)
    mongo (1.3.1)
      bson (>= 1.3.1)
    rspec (2.7.0)
      rspec-core (~> 2.7.0)
      rspec-expectations (~> 2.7.0)
      rspec-mocks (~> 2.7.0)
    rspec-core (2.7.1)
    rspec-expectations (2.7.0)
      diff-lcs (~> 1.1.2)
    rspec-mocks (2.7.0)
    test-unit (2.4.0)

PLATFORMS
  ruby

DEPENDENCIES
  bson_ext (~> 1.3.1)
  mongo (~> 1.3.1)
  rspec
  test-unit
